GEM
  remote: http://rubygems.org/
  specs:
    mini_magick (3.6.0)
      subexec (~> 0.2.1)
    rack (1.5.2)
    rack-protection (1.5.0)
      rack
    rake (10.1.0)
    sinatra (1.4.3)
      rack (~> 1.4)
      rack-protection (~> 1.4)
      tilt (~> 1.3, >= 1.3.4)
    slim (2.0.1)
      temple (~> 0.6.6)
      tilt (>= 1.3.3, < 2.1)
    subexec (0.2.3)
    temple (0.6.6)
    test-unit (2.5.5)
    tilt (1.4.1)

PLATFORMS
  ruby

DEPENDENCIES
  mini_magick
  rake
  sinatra
  slim
  test-unit
